STORAGE: NONE
RESTRICTION: || (== net7.0) (== netstandard2.1)
NUGET
  remote: https://www.nuget.org/api/v2
    DynamicInterop (0.9.1)
    FsCheck (2.16.3)
      FSharp.Core (>= 4.2.3)
    FsCheck.Xunit (2.16.3)
      FsCheck (2.16.3)
      xunit.extensibility.execution (>= 2.2 < 3.0)
    FSharp.Compiler.Service (42.7.101)
      FSharp.Core (7.0)
      Microsoft.Build.Framework (>= 17.4)
      Microsoft.Build.Tasks.Core (>= 17.4)
      Microsoft.Build.Utilities.Core (>= 17.4)
      System.Buffers (>= 4.5.1)
      System.Collections.Immutable (>= 6.0)
      System.Memory (>= 4.5.5)
      System.Reflection.Emit (>= 4.7)
      System.Reflection.Metadata (>= 6.0)
      System.Runtime.CompilerServices.Unsafe (>= 6.0)
    FSharp.Core (7.0)
    FSharp.Data (5.0.2)
      FSharp.Core (>= 5.0.1)
    FSharp.Formatting (17.4.1)
      FSharp.Compiler.Service (42.7.101)
    ILRepack.MSBuild.Task (2.0.13)
      Microsoft.Build.Framework (>= 15.9.20)
      Microsoft.Build.Utilities.Core (>= 15.9.20)
    Microsoft.Build.Framework (17.5)
      Microsoft.Win32.Registry (>= 5.0) - restriction: == netstandard2.1
      System.Security.Permissions (>= 6.0)
    Microsoft.Build.Tasks.Core (17.5)
      Microsoft.Build.Framework (>= 17.5)
      Microsoft.Build.Utilities.Core (>= 17.5)
      Microsoft.NET.StringTools (>= 17.5)
      Microsoft.Win32.Registry (>= 5.0) - restriction: == netstandard2.1
      System.CodeDom (>= 6.0)
      System.Collections.Immutable (>= 6.0)
      System.Reflection.Metadata (>= 6.0)
      System.Resources.Extensions (>= 6.0)
      System.Security.Cryptography.Pkcs (>= 6.0.1)
      System.Security.Cryptography.Xml (>= 6.0.1)
      System.Security.Permissions (>= 6.0)
      System.Threading.Tasks.Dataflow (>= 6.0)
    Microsoft.Build.Utilities.Core (17.5)
      Microsoft.Build.Framework (>= 17.5)
      Microsoft.NET.StringTools (>= 17.5)
      Microsoft.Win32.Registry (>= 5.0) - restriction: == netstandard2.1
      System.Collections.Immutable (>= 6.0)
      System.Configuration.ConfigurationManager (>= 6.0)
      System.Security.Permissions (>= 6.0) - restriction: == netstandard2.1
      System.Text.Encoding.CodePages (>= 6.0) - restriction: == netstandard2.1
    Microsoft.CodeCoverage (17.5) - restriction: || (== net7.0) (&& (== netstandard2.1) (>= net45)) (&& (== netstandard2.1) (>= netcoreapp1.0))
    Microsoft.CSharp (4.7)
    Microsoft.NET.StringTools (17.5)
      System.Memory (>= 4.5.5) - restriction: || (&& (== net7.0) (>= net472)) (== netstandard2.1)
      System.Runtime.CompilerServices.Unsafe (>= 6.0) - restriction: || (&& (== net7.0) (>= net472)) (== netstandard2.1)
    Microsoft.NET.Test.Sdk (16.11)
      Microsoft.CodeCoverage (>= 16.11) - restriction: || (== net7.0) (&& (== netstandard2.1) (>= net45)) (&& (== netstandard2.1) (>= netcoreapp1.0))
      Microsoft.TestPlatform.TestHost (>= 16.11) - restriction: || (== net7.0) (&& (== netstandard2.1) (>= netcoreapp1.0))
    Microsoft.NETCore.Platforms (7.0.1)
    Microsoft.TestPlatform.ObjectModel (17.5) - restriction: || (== net7.0) (&& (== netstandard2.1) (>= netcoreapp3.1))
      NuGet.Frameworks (>= 5.11)
      System.Reflection.Metadata (>= 1.6)
    Microsoft.TestPlatform.TestHost (17.5) - restriction: || (== net7.0) (&& (== netstandard2.1) (>= netcoreapp1.0))
      Microsoft.TestPlatform.ObjectModel (>= 17.5) - restriction: || (== net7.0) (&& (== netstandard2.1) (>= netcoreapp3.1))
      Newtonsoft.Json (>= 13.0.1) - restriction: || (== net7.0) (&& (== netstandard2.1) (>= netcoreapp3.1))
    Microsoft.Win32.Registry (5.0)
      System.Buffers (>= 4.5.1) - restriction: || (&& (== net7.0) (>= monoandroid) (< netstandard1.3)) (&& (== net7.0) (>= monotouch)) (&& (== net7.0) (< netcoreapp2.0)) (&& (== net7.0) (>= xamarinios)) (&& (== net7.0) (>= xamarinmac)) (&& (== net7.0) (>= xamarintvos)) (&& (== net7.0) (>= xamarinwatchos)) (== netstandard2.1)
      System.Memory (>= 4.5.4) - restriction: || (&& (== net7.0) (< netcoreapp2.0)) (&& (== net7.0) (< netcoreapp2.1)) (&& (== net7.0) (>= uap10.1)) (== netstandard2.1)
      System.Security.AccessControl (>= 5.0)
      System.Security.Principal.Windows (>= 5.0)
    Microsoft.Win32.SystemEvents (7.0) - restriction: || (== net7.0) (&& (== netstandard2.1) (>= net6.0))
    NETStandard.Library (2.0.3)
      Microsoft.NETCore.Platforms (>= 1.1)
    Newtonsoft.Json (13.0.1)
    NuGet.Frameworks (6.5) - restriction: || (== net7.0) (&& (== netstandard2.1) (>= netcoreapp3.1))
    PipeMethodCalls (3.0.4)
    R.NET (1.9)
      DynamicInterop (>= 0.9.1)
      Microsoft.CSharp (>= 4.5)
      Microsoft.Win32.Registry (>= 4.5)
    R.NET.FSharp (1.9)
      DynamicInterop (>= 0.9.1)
      FSharp.Core (>= 4.6.2)
      R.NET (>= 1.9)
    System.Buffers (4.5.1)
    System.CodeDom (7.0)
    System.Collections.Immutable (7.0)
      System.Memory (>= 4.5.5) - restriction: || (&& (== net7.0) (>= net462)) (&& (== net7.0) (< net6.0)) (== netstandard2.1)
      System.Runtime.CompilerServices.Unsafe (>= 6.0) - restriction: || (&& (== net7.0) (>= net462)) (&& (== net7.0) (< net6.0)) (== netstandard2.1)
    System.ComponentModel.Composition (5.0)
    System.Configuration.ConfigurationManager (7.0)
      System.Diagnostics.EventLog (>= 7.0) - restriction: || (== net7.0) (&& (== netstandard2.1) (>= net7.0))
      System.Security.Cryptography.ProtectedData (>= 7.0)
      System.Security.Permissions (>= 7.0)
    System.Diagnostics.EventLog (7.0) - restriction: || (== net7.0) (&& (== netstandard2.1) (>= net7.0))
    System.Drawing.Common (7.0) - restriction: || (== net7.0) (&& (== netstandard2.1) (>= net6.0))
      Microsoft.Win32.SystemEvents (>= 7.0) - restriction: || (== net7.0) (&& (== netstandard2.1) (>= net6.0))
    System.Formats.Asn1 (7.0)
      System.Buffers (>= 4.5.1) - restriction: || (&& (== net7.0) (>= net462)) (&& (== net7.0) (< net6.0)) (== netstandard2.1)
      System.Memory (>= 4.5.5) - restriction: || (&& (== net7.0) (>= net462)) (&& (== net7.0) (< net6.0)) (== netstandard2.1)
    System.Memory (4.5.5)
      System.Buffers (>= 4.5.1) - restriction: || (&& (== net7.0) (>= monotouch)) (&& (== net7.0) (>= net461)) (&& (== net7.0) (< netcoreapp2.0)) (&& (== net7.0) (< netstandard1.1)) (&& (== net7.0) (< netstandard2.0)) (&& (== net7.0) (>= xamarinios)) (&& (== net7.0) (>= xamarinmac)) (&& (== net7.0) (>= xamarintvos)) (&& (== net7.0) (>= xamarinwatchos)) (== netstandard2.1)
      System.Numerics.Vectors (>= 4.4) - restriction: || (&& (== net7.0) (< netcoreapp2.0)) (== netstandard2.1)
      System.Runtime.CompilerServices.Unsafe (>= 4.5.3) - restriction: || (&& (== net7.0) (>= monotouch)) (&& (== net7.0) (>= net461)) (&& (== net7.0) (< netcoreapp2.0)) (&& (== net7.0) (< netcoreapp2.1)) (&& (== net7.0) (< netstandard1.1)) (&& (== net7.0) (< netstandard2.0)) (&& (== net7.0) (>= uap10.1)) (&& (== net7.0) (>= xamarinios)) (&& (== net7.0) (>= xamarinmac)) (&& (== net7.0) (>= xamarintvos)) (&& (== net7.0) (>= xamarinwatchos)) (== netstandard2.1)
    System.Numerics.Vectors (4.5) - restriction: || (&& (== net7.0) (< netcoreapp2.0)) (== netstandard2.1)
    System.Reflection.Emit (4.7)
    System.Reflection.Metadata (7.0.1)
      System.Collections.Immutable (>= 7.0)
      System.Memory (>= 4.5.5) - restriction: || (&& (== net7.0) (>= net462)) (&& (== net7.0) (< net6.0)) (== netstandard2.1)
    System.Reflection.MetadataLoadContext (5.0)
      System.Collections.Immutable (>= 5.0) - restriction: || (&& (== net7.0) (>= monoandroid) (< netstandard2.0)) (&& (== net7.0) (>= monotouch)) (&& (== net7.0) (>= net461)) (&& (== net7.0) (< netcoreapp2.1)) (&& (== net7.0) (< netcoreapp3.0)) (&& (== net7.0) (>= xamarinios)) (&& (== net7.0) (>= xamarinmac)) (&& (== net7.0) (>= xamarintvos)) (&& (== net7.0) (>= xamarinwatchos)) (== netstandard2.1)
      System.Memory (>= 4.5.4) - restriction: || (&& (== net7.0) (>= net461)) (&& (== net7.0) (< netcoreapp2.1)) (== netstandard2.1)
      System.Reflection.Metadata (>= 5.0) - restriction: || (&& (== net7.0) (>= monoandroid) (< netstandard2.0)) (&& (== net7.0) (>= monotouch)) (&& (== net7.0) (>= net461)) (&& (== net7.0) (< netcoreapp2.1)) (&& (== net7.0) (< netcoreapp3.0)) (&& (== net7.0) (>= xamarinios)) (&& (== net7.0) (>= xamarinmac)) (&& (== net7.0) (>= xamarintvos)) (&& (== net7.0) (>= xamarinwatchos)) (== netstandard2.1)
    System.Resources.Extensions (7.0)
      System.Memory (>= 4.5.5) - restriction: || (&& (== net7.0) (>= net462)) (&& (== net7.0) (< net6.0)) (== netstandard2.1)
    System.Runtime.CompilerServices.Unsafe (6.0)
    System.Security.AccessControl (6.0)
      System.Security.Principal.Windows (>= 5.0) - restriction: || (&& (== net7.0) (>= net461)) (&& (== net7.0) (< net6.0)) (== netstandard2.1)
    System.Security.Cryptography.Cng (5.0) - restriction: || (&& (== net7.0) (< net6.0)) (&& (== net7.0) (< netstandard2.1)) (== netstandard2.1)
    System.Security.Cryptography.Pkcs (7.0.1)
      System.Formats.Asn1 (>= 7.0)
      System.Security.Cryptography.Cng (>= 5.0) - restriction: || (&& (== net7.0) (< net6.0)) (&& (== net7.0) (< netstandard2.1)) (== netstandard2.1)
    System.Security.Cryptography.ProtectedData (7.0.1)
      System.Memory (>= 4.5.5) - restriction: || (&& (== net7.0) (< net6.0)) (== netstandard2.1)
    System.Security.Cryptography.Xml (7.0.1)
      System.Memory (>= 4.5.5) - restriction: || (&& (== net7.0) (< net6.0)) (== netstandard2.1)
      System.Security.AccessControl (>= 6.0) - restriction: || (&& (== net7.0) (< net6.0)) (== netstandard2.1)
      System.Security.Cryptography.Pkcs (>= 7.0)
    System.Security.Permissions (7.0)
      System.Security.AccessControl (>= 6.0) - restriction: || (&& (== net7.0) (>= net462)) (&& (== net7.0) (< net6.0)) (== netstandard2.1)
      System.Windows.Extensions (>= 7.0) - restriction: || (== net7.0) (&& (== netstandard2.1) (>= net6.0))
    System.Security.Principal.Windows (5.0)
    System.Text.Encoding.CodePages (7.0) - restriction: == netstandard2.1
      System.Memory (>= 4.5.5) - restriction: || (&& (== net7.0) (>= net462)) (&& (== net7.0) (< net6.0)) (== netstandard2.1)
      System.Runtime.CompilerServices.Unsafe (>= 6.0) - restriction: || (&& (== net7.0) (>= net462)) (&& (== net7.0) (< net6.0)) (== netstandard2.1)
    System.Threading.Tasks.Dataflow (7.0)
    System.Windows.Extensions (7.0) - restriction: || (== net7.0) (&& (== netstandard2.1) (>= net6.0))
      System.Drawing.Common (>= 7.0) - restriction: || (== net7.0) (&& (== netstandard2.1) (>= net6.0))
    xunit (2.4.1)
      xunit.analyzers (>= 0.10)
      xunit.assert (2.4.1)
      xunit.core (2.4.1)
    xunit.abstractions (2.0.3)
    xunit.analyzers (1.1)
    xunit.assert (2.4.1)
      NETStandard.Library (>= 1.6.1)
    xunit.core (2.4.1)
      xunit.extensibility.core (2.4.1)
      xunit.extensibility.execution (2.4.1)
    xunit.extensibility.core (2.4.1)
      NETStandard.Library (>= 1.6.1)
      xunit.abstractions (>= 2.0.3)
    xunit.extensibility.execution (2.4.1)
      NETStandard.Library (>= 1.6.1)
      xunit.extensibility.core (2.4.1)
    xunit.runner.visualstudio (2.4.3)
GITHUB
  remote: fsprojects/FSharp.TypeProviders.SDK
    src/ProvidedTypes.fs (f4aca36af04aa84b16ec04df6f6bf55ac2f17a73)
    src/ProvidedTypes.fsi (f4aca36af04aa84b16ec04df6f6bf55ac2f17a73)